GEM
  remote: https://rubygems.org/
  specs:
    addressable (2.4.0)
    aws-sdk (1.67.0)
      aws-sdk-v1 (= 1.67.0)
    aws-sdk-v1 (1.67.0)
      json (~> 1.4)
      nokogiri (~> 1)
    backports (3.8.0)
    coffee-script (2.2.0)
      coffee-script-source
      execjs
    coffee-script-source (1.12.2)
    daemons (1.2.4)
    ethon (0.10.1)
      ffi (>= 1.3.0)
    eventmachine (1.2.3)
    execjs (2.0.2)
    faraday (0.12.1)
      multipart-post (>= 1.2, < 3)
    faraday_middleware (0.11.0.1)
      faraday (>= 0.7.4, < 1.0)
    ffi (1.9.18)
    gh (0.15.1)
      addressable (~> 2.4.0)
      backports
      faraday (~> 0.8)
      multi_json (~> 1.0)
      net-http-persistent (~> 2.9)
      net-http-pipeline
    highline (1.7.8)
    hike (1.2.3)
    json (1.8.6)
    launchy (2.4.3)
      addressable (~> 2.3)
    mini_portile2 (2.2.0)
    multi_json (1.12.1)
    multipart-post (2.0.0)
    net-http-persistent (2.9.4)
    net-http-pipeline (1.0.1)
    nokogiri (1.8.0)
      mini_portile2 (~> 2.2.0)
    octokit (4.7.0)
      sawyer (~> 0.8.0, >= 0.5.3)
    pusher-client (0.6.2)
      json
      websocket (~> 1.0)
    rack (1.5.5)
    rack-protection (1.5.3)
      rack
    rack-test (0.6.3)
      rack (>= 1.0)
    rufus-scheduler (2.0.24)
      tzinfo (>= 0.3.22)
    sass (3.2.19)
    sawyer (0.8.1)
      addressable (>= 2.3.5, < 2.6)
      faraday (~> 0.8, < 1.0)
    sinatra (1.4.8)
      rack (~> 1.5)
      rack-protection (~> 1.4)
      tilt (>= 1.3, < 3)
    sinatra-contrib (1.4.7)
      backports (>= 2.0)
      multi_json
      rack-protection
      rack-test
      sinatra (~> 1.4.0)
      tilt (>= 1.3, < 3)
    smashing (1.0.0)
      coffee-script (~> 2.2.0)
      execjs (~> 2.0.2)
      rack (~> 1.5.4)
      rufus-scheduler (~> 2.0.24)
      sass (~> 3.2.12)
      sinatra (~> 1.4.4)
      sinatra-contrib (~> 1.4.2)
      sprockets (~> 2.10.1)
      thin (~> 1.6.1)
      thor (~> 0.19)
    sprockets (2.10.2)
      hike (~> 1.2)
      multi_json (~> 1.0)
      rack (~> 1.0)
      tilt (~> 1.1, != 1.3.0)
    thin (1.6.4)
      daemons (~> 1.0, >= 1.0.9)
      eventmachine (~> 1.0, >= 1.0.4)
      rack (~> 1.0)
    thor (0.19.4)
    thread_safe (0.3.6)
    tilt (1.4.1)
    travis (1.8.8)
      backports
      faraday (~> 0.9)
      faraday_middleware (~> 0.9, >= 0.9.1)
      gh (~> 0.13)
      highline (~> 1.6)
      launchy (~> 2.1)
      pusher-client (~> 0.4)
      typhoeus (~> 0.6, >= 0.6.8)
    typhoeus (0.8.0)
      ethon (>= 0.8.0)
    tzinfo (1.2.3)
      thread_safe (~> 0.1)
    websocket (1.2.4)

PLATFORMS
  ruby

DEPENDENCIES
  aws-sdk (< 2)
  octokit
  smashing
  thin
  travis

BUNDLED WITH
   1.15.1
